PATH
  remote: .
  specs:
    defra_ruby_template (3.13.0)

GEM
  remote: https://rubygems.org/
  specs:
    rake (12.3.3)

PLATFORMS
  ruby
  x86_64-linux

DEPENDENCIES
  defra_ruby_template!
  rake (~> 12.0)

BUNDLED WITH
   2.2.20
