PATH
  remote: .
  specs:
    defra_ruby_template (3.13.0)

GEM
  remote: https://rubygems.org/
  specs:
    ast (2.4.2)
    defra_ruby_style (0.1.2)
      rubocop
    parser (2.7.2.0)
      ast (~> 2.4.1)
    powerpack (0.1.3)
    rainbow (2.2.2)
      rake
    rake (13.0.6)
    rubocop (0.48.1)
      parser (>= 2.3.3.1, < 3.0)
      powerpack (~> 0.1)
      rainbow (>= 1.99.1, < 3.0)
      ruby-progressbar (~> 1.7)
      unicode-display_width (~> 1.0, >= 1.0.1)
    ruby-progressbar (1.11.0)
    unicode-display_width (1.8.0)

PLATFORMS
  ruby
  x86_64-linux

DEPENDENCIES
  defra_ruby_style
  defra_ruby_template!
  rake (~> 12.0)

BUNDLED WITH
   2.2.20
